PATH
  remote: .
  specs:
    dorian-pretty (0.2.1)
      git (~> 1)
      syntax_tree (~> 6)

GEM
  remote: https://rubygems.org/
  specs:
    addressable (2.8.6)
      public_suffix (>= 2.0.2, < 6.0)
    git (1.19.1)
      addressable (~> 2.8)
      rchardet (~> 1.8)
    prettier_print (1.2.1)
    public_suffix (5.0.4)
    rchardet (1.8.0)
    syntax_tree (6.2.0)
      prettier_print (>= 1.2.0)

PLATFORMS
  arm64-darwin-23
  ruby

DEPENDENCIES
  dorian-pretty!

RUBY VERSION
   ruby 3.3.0p0

BUNDLED WITH
   2.5.7
